GEM
  remote: https://rubygems.org/
  specs:
    rainbow (2.0.0)

PLATFORMS
  ruby

DEPENDENCIES
  rainbow

BUNDLED WITH
   1.10.6
